GEM
  remote: https://rubygems.org/
  specs:
    ffi (1.11.1-x64-mingw32)
    rake (12.3.3)
    sassc (2.0.1)
      ffi (~> 1.9)
      rake

PLATFORMS
  x64-mingw32

DEPENDENCIES
  sassc

BUNDLED WITH
   2.0.2
